GEM
  remote: http://rubygems.org/
  specs:
    hashie (2.1.2)
    httmultiparty (0.3.16)
      httparty (>= 0.7.3)
      mimemagic
      multipart-post
    httparty (0.13.7)
      json (~> 1.8)
      multi_xml (>= 0.5.2)
    json (1.8.3)
    mimemagic (0.3.1)
    multi_xml (0.5.5)
    multipart-post (2.0.0)
    soundcloud (0.3.2)
      hashie (~> 2.0)
      httmultiparty (~> 0.3.0)
    trollop (2.1.2)

PLATFORMS
  ruby

DEPENDENCIES
  soundcloud
  trollop

BUNDLED WITH
   1.11.2
